PATH
  remote: .
  specs:
    rb-cola (0.0.3)
      redis (>= 3.3.5)

GEM
  remote: http://rubygems.org/
  specs:
    byebug (11.0.1)
    connection_pool (2.3.0)
    diff-lcs (1.3)
    redis (5.0.5)
      redis-client (>= 0.9.0)
    redis-client (0.11.2)
      connection_pool
    rspec (3.9.0)
      rspec-core (~> 3.9.0)
      rspec-expectations (~> 3.9.0)
      rspec-mocks (~> 3.9.0)
    rspec-core (3.9.1)
      rspec-support (~> 3.9.1)
    rspec-expectations (3.9.0)
      diff-lcs (>= 1.2.0, < 2.0)
      rspec-support (~> 3.9.0)
    rspec-mocks (3.9.1)
      diff-lcs (>= 1.2.0, < 2.0)
      rspec-support (~> 3.9.0)
    rspec-support (3.9.2)

PLATFORMS
  ruby

DEPENDENCIES
  bundler
  byebug (~> 11.0)
  rb-cola!
  rspec (~> 3.8)

BUNDLED WITH
   2.1.2
